GEM
  remote: https://rubygems.org/
  specs:
    kgio (2.11.3)
    raindrops (0.19.1)
    unicorn (6.0.0)
      kgio (~> 2.6)
      raindrops (~> 0.7)

PLATFORMS
  ruby
  x86_64-darwin-20
  x86_64-linux

DEPENDENCIES
  unicorn

BUNDLED WITH
   2.2.3
